GIT
  remote: git://github.com/cavneb/make_flaggable.git
  revision: d1bafce95567797786c1c3b03b7f5b34624e4e1e
  specs:
    make_flaggable (0.0.5)
      activerecord (>= 3.0.0)

GIT
  remote: git://github.com/ctran/annotate_models.git
  revision: 18a4e2eb77c8f3ef695b563e4a7ca45dfede819b
  specs:
    annotate (2.6.0.beta2)
      activerecord (>= 2.3.0)
      rake (>= 0.8.7)

GIT
  remote: git://github.com/jasherai/scoped_roles.git
  revision: c977e40fe39882f193e15c9198ee4736d1c3664c
  branch: master
  specs:
    scoped_roles (0.0.9)
      rails (~> 3.2.2)
      railties (~> 3.2.2)

GIT
  remote: git://github.com/jasherai/themes_for_rails.git
  revision: 6dbd80f96a5ca8725180285acc75fde2106d2270
  branch: master
  specs:
    themes_for_rails (0.5.1)
      rails (>= 3.0.0)

GIT
  remote: git://github.com/karmi/tire-contrib.git
  revision: b34a7cbebafed324b749f4a8c62297220dd2c6ff
  specs:
    tire-contrib (0.1.2)
      tire

GIT
  remote: git://github.com/peek/peek-query_reviewer.git
  revision: 2c046129ac99dd99063980104acef023ae20245b
  specs:
    peek-query_reviewer (0.0.1)
      peek (>= 0.1.1)
      query_reviewer

GIT
  remote: git://github.com/phatforge/peek-rblineprof.git
  revision: 1ac59d6fedd18c76f29945f621dd08355e89847b
  branch: persistence
  specs:
    peek-rblineprof (0.1.2)
      peek
      rblineprof

GIT
  remote: git://github.com/phatforge/peek.git
  revision: 55876eebb779e6b8779fc0b769413644f77f90ce
  specs:
    peek (0.1.6)
      atomic (>= 1.0.0)
      rails (>= 3.0.0)

GIT
  remote: git://github.com/ryanb/cancan.git
  revision: ccd24ab30fdd0b48ac0ad71080445f5366788208
  branch: 2.0
  specs:
    cancan (2.0.0.alpha)

GEM
  remote: https://rubygems.org/
  specs:
    actionmailer (3.2.14)
      actionpack (= 3.2.14)
      mail (~> 2.5.4)
    actionpack (3.2.14)
      activemodel (= 3.2.14)
      activesupport (= 3.2.14)
      builder (~> 3.0.0)
      erubis (~> 2.7.0)
      journey (~> 1.0.4)
      rack (~> 1.4.5)
      rack-cache (~> 1.2)
      rack-test (~> 0.6.1)
      sprockets (~> 2.2.1)
    active-profiling (0.1.0)
      rails (>= 3.0)
    activemodel (3.2.14)
      activesupport (= 3.2.14)
      builder (~> 3.0.0)
    activerecord (3.2.14)
      activemodel (= 3.2.14)
      activesupport (= 3.2.14)
      arel (~> 3.0.2)
      tzinfo (~> 0.3.29)
    activeresource (3.2.14)
      activemodel (= 3.2.14)
      activesupport (= 3.2.14)
    activesupport (3.2.14)
      i18n (~> 0.6, >= 0.6.4)
      multi_json (~> 1.0)
    acts-as-taggable-on (2.4.1)
      rails (>= 3, < 5)
    airbrake (3.1.12)
      activesupport
      builder
      json
    ansi (1.4.3)
    arel (3.0.2)
    asset_sync (0.5.4)
      activemodel
      fog
    atomic (1.1.12)
    awesome_nested_set (2.1.6)
      activerecord (>= 3.0.0)
    aws-sdk (1.4.1)
      httparty (~> 0.7)
      json (~> 1.4)
      nokogiri (>= 1.4.4)
      uuidtools (~> 2.1)
    aws-ses (0.4.4)
      builder
      mail (> 2.2.5)
      mime-types
      xml-simple
    bcrypt-ruby (3.0.1)
    better_errors (0.9.0)
      coderay (>= 1.0.0)
      erubis (>= 2.6.6)
    binding_of_caller (0.7.2)
      debug_inspector (>= 0.0.1)
    builder (3.0.4)
    bullet (4.6.0)
      uniform_notifier
    cache_digests (0.3.0)
      actionpack (>= 3.2)
      thread_safe
    celluloid (0.15.2)
      timers (~> 1.1.0)
    chronic (0.6.7)
    climate_control (0.0.3)
      activesupport (>= 3.0)
    clockwork (0.5.0)
      tzinfo (~> 0.3.35)
    cocaine (0.5.1)
      climate_control (>= 0.0.3, < 1.0)
    coderay (1.0.9)
    coffee-filter (0.1.1)
      coffee-script (>= 2.2.0)
      haml (>= 3.0.18)
    coffee-rails (3.2.2)
      coffee-script (>= 2.2.0)
      railties (~> 3.2.0)
    coffee-script (2.2.0)
      coffee-script-source
      execjs
    coffee-script-source (1.3.1)
    connection_pool (1.1.0)
    date_validator (0.6.3)
      activemodel (~> 3.0)
    debug_inspector (0.0.2)
    debugger-ruby_core_source (1.2.3)
    devise (2.0.4)
      bcrypt-ruby (~> 3.0)
      orm_adapter (~> 0.0.3)
      railties (~> 3.1)
      warden (~> 1.1.1)
    devise_invitable (1.0.1)
      devise (>= 2.0.0)
      rails (~> 3.0)
    dotenv (0.8.0)
    erubis (2.7.0)
    excon (0.6.6)
    execjs (1.3.0)
      multi_json (~> 1.0)
    faraday (0.8.8)
      multipart-post (~> 1.2.0)
    fog (0.9.0)
      builder
      excon (~> 0.6.1)
      formatador (>= 0.1.3)
      json
      mime-types
      net-scp (>= 1.0.4)
      net-ssh (>= 2.1.4)
      nokogiri (>= 1.4.4)
      ruby-hmac
    foreman (0.63.0)
      dotenv (>= 0.7)
      thor (>= 0.13.6)
    formatador (0.2.4)
    haml (3.1.7)
    hashr (0.0.22)
    hike (1.2.3)
    httparty (0.8.2)
      multi_json
      multi_xml
    i18n (0.6.5)
    i18n-country-translations (0.0.9)
      i18n (~> 0.5)
      railties (>= 3.0.0)
    i18n_country_select (1.0.14)
      i18n (~> 0.5)
      i18n-country-translations (>= 0.0.9)
      sort_alphabetical (>= 0.1.3)
    ie_iframe_cookies (0.1.4)
    journey (1.0.4)
    jquery-rails (2.0.2)
      railties (>= 3.2.0, < 5.0)
      thor (~> 0.14)
    jquery-ui-rails (0.2.2)
      jquery-rails
      railties (>= 3.1.0)
    json (1.8.0)
    kaminari (0.13.0)
      actionpack (>= 3.0.0)
      activesupport (>= 3.0.0)
      railties (>= 3.0.0)
    kgio (2.8.0)
    libv8 (3.3.10.4)
    lograge (0.2.0)
      actionpack
      activesupport
    mail (2.5.4)
      mime-types (~> 1.16)
      treetop (~> 1.4.8)
    marginalia (1.1.2)
      actionpack (>= 2.3, < 3.3)
      activerecord (>= 2.3, < 3.3)
    meta_request (0.2.1)
      rack-contrib
      rails
    mime-types (1.24)
    mini_exiftool (2.3.0)
    mini_portile (0.5.0)
    multi_json (1.7.9)
    multi_xml (0.4.4)
    multipart-post (1.2.0)
    mysql2 (0.3.11)
    net-scp (1.1.1)
      net-ssh (>= 2.6.5)
    net-ssh (2.6.7)
    newrelic-redis (1.4.0)
      newrelic_rpm (~> 3.0)
      redis (< 4.0)
    newrelic_rpm (3.6.6.147)
    nokogiri (1.6.0)
      mini_portile (~> 0.5.0)
    orm_adapter (0.0.7)
    paperclip (3.5.1)
      activemodel (>= 3.0.0)
      activesupport (>= 3.0.0)
      cocaine (~> 0.5.0)
      mime-types
    peek-active_record (0.5.0)
      activerecord (~> 3.2.0)
      atomic (>= 1.0.0)
      peek (>= 0.1.0)
    peek-elasticsearch (0.2.1)
      stretch (~> 0.1.3)
    peek-env_vars (1.0.0)
      peek
    peek-gc (0.0.1)
      peek
    peek-git (1.0.2)
      peek
    peek-mysql2 (1.1.0)
      atomic (>= 1.0.0)
      mysql2
      peek
    peek-performance_bar (1.1.3)
      peek (>= 0.1.0)
    peek-redis (1.1.0)
      atomic (>= 1.0.0)
      peek
      redis
    peek-sidekiq (1.0.3)
      atomic (>= 1.0.0)
      peek
      sidekiq
    pilfer (1.0.2)
      rblineprof (~> 0.3.2)
    pinglish (0.2.0)
      rack
    polyglot (0.3.3)
    posix-spawn (0.3.6)
    pygments.rb (0.5.2)
      posix-spawn (~> 0.3.6)
      yajl-ruby (~> 1.1.0)
    query_reviewer (0.1.8)
    rack (1.4.5)
    rack-cache (1.2)
      rack (>= 0.4)
    rack-contrib (1.1.0)
      rack (>= 0.9.1)
    rack-mini-profiler (0.1.28)
      rack (>= 1.1.3)
    rack-protection (1.5.0)
      rack
    rack-ssl (1.3.3)
      rack
    rack-test (0.6.2)
      rack (>= 1.0)
    railroady (1.1.0)
    rails (3.2.14)
      actionmailer (= 3.2.14)
      actionpack (= 3.2.14)
      activerecord (= 3.2.14)
      activeresource (= 3.2.14)
      activesupport (= 3.2.14)
      bundler (~> 1.0)
      railties (= 3.2.14)
    rails3-jquery-autocomplete (1.0.7)
      rails (~> 3.0)
    rails_config (0.3.0)
      activesupport (>= 3.0)
    railties (3.2.14)
      actionpack (= 3.2.14)
      activesupport (= 3.2.14)
      rack-ssl (~> 1.3.2)
      rake (>= 0.8.7)
      rdoc (~> 3.4)
      thor (>= 0.14.6, < 2.0)
    raindrops (0.11.0)
    rake (10.1.0)
    rblineprof (0.3.2)
      debugger-ruby_core_source (~> 1.2)
    rdoc (3.12.2)
      json (~> 1.4)
    recaptcha (0.3.5)
    redis (3.0.5)
    redis-actionpack (3.2.3)
      actionpack (~> 3.2.3)
      redis-rack (~> 1.4.0)
      redis-store (~> 1.1.0)
    redis-activesupport (3.2.3)
      activesupport (~> 3.2.3)
      redis-store (~> 1.1.0)
    redis-namespace (1.3.1)
      redis (~> 3.0.0)
    redis-rack (1.4.2)
      rack (~> 1.4.1)
      redis-store (~> 1.1.0)
    redis-rails (3.2.3)
      redis-actionpack (~> 3.2.3)
      redis-activesupport (~> 3.2.3)
      redis-store (~> 1.1.0)
    redis-store (1.1.3)
      redis (>= 2.2.0)
    request-log-analyzer (1.12.9)
    rest-client (1.6.7)
      mime-types (>= 1.16)
    ruby-hmac (0.4.0)
    ruby-prof (0.13.0)
    sass (3.2.5)
    sass-rails (3.2.5)
      railties (~> 3.2.0)
      sass (>= 3.1.10)
      tilt (~> 1.3)
    sidekiq (2.15.1)
      celluloid (>= 0.15.1)
      connection_pool (>= 1.0.0)
      json
      redis (>= 3.0.4)
      redis-namespace (>= 1.3.1)
    sinatra (1.3.6)
      rack (~> 1.4)
      rack-protection (~> 1.3)
      tilt (~> 1.3, >= 1.3.3)
    slim (1.3.8)
      temple (~> 0.6.3)
      tilt (~> 1.3.3)
    sort_alphabetical (0.1.3)
      activesupport
    sprockets (2.2.2)
      hike (~> 1.2)
      multi_json (~> 1.0)
      rack (~> 1.0)
      tilt (~> 1.1, != 1.3.0)
    state_machine (1.1.2)
    stretch (0.1.3)
      faraday (~> 0.8.0)
      multi_json (~> 1.7.2)
    temple (0.6.3)
    the_sortable_tree (1.8.5)
      rails (>= 3.1)
    therubyracer (0.10.1)
      libv8 (~> 3.3.10)
    thor (0.18.1)
    thread_safe (0.1.0)
      atomic
    tilt (1.3.7)
    timers (1.1.0)
    tire (0.6.0)
      activemodel (>= 3.0)
      activesupport
      ansi
      hashr (~> 0.0.19)
      multi_json (~> 1.3)
      rake
      rest-client (~> 1.6)
    transloadit (1.0.2)
      json
      rest-client
    treetop (1.4.14)
      polyglot
      polyglot (>= 0.3.1)
    turbo-sprockets-rails3 (0.3.6)
      railties (> 3.2.8, < 4.0.0)
      sprockets (>= 2.0.0)
    tzinfo (0.3.37)
    uglifier (1.2.4)
      execjs (>= 0.3.0)
      multi_json (>= 1.0.2)
    unicorn (4.6.3)
      kgio (~> 2.6)
      rack
      raindrops (~> 0.7)
    uniform_notifier (1.2.0)
    user_impersonate (0.8.0)
      rails (~> 3.2.0)
    uuidtools (2.1.2)
    warden (1.1.1)
      rack (>= 1.0)
    xml-simple (1.1.2)
    yajl-ruby (1.1.0)
    yard (0.8.7)

PLATFORMS
  ruby

DEPENDENCIES
  active-profiling
  acts-as-taggable-on
  airbrake
  annotate!
  asset_sync
  awesome_nested_set
  aws-sdk
  aws-ses (~> 0.4.4)
  better_errors
  binding_of_caller
  bullet
  cache_digests
  cancan!
  chronic
  clockwork
  coffee-filter
  coffee-rails (~> 3.2.1)
  date_validator
  devise
  devise_invitable
  foreman
  haml
  i18n-country-translations
  i18n_country_select
  ie_iframe_cookies
  jquery-rails
  jquery-ui-rails
  kaminari
  lograge
  make_flaggable!
  marginalia
  meta_request
  mini_exiftool (>= 2.3.0)
  mysql2
  newrelic-redis
  newrelic_rpm
  paperclip
  peek!
  peek-active_record
  peek-elasticsearch
  peek-env_vars
  peek-gc
  peek-git
  peek-mysql2
  peek-performance_bar
  peek-query_reviewer!
  peek-rblineprof!
  peek-redis
  peek-sidekiq
  pilfer
  pinglish
  pygments.rb
  rack-mini-profiler
  railroady
  rails (~> 3.2.12)
  rails3-jquery-autocomplete
  rails_config
  recaptcha
  redis-rails
  redis-store
  request-log-analyzer
  ruby-prof
  sass-rails (~> 3.2.3)
  scoped_roles!
  sidekiq
  sinatra
  slim
  state_machine
  the_sortable_tree (>= 1.8.5)
  themes_for_rails!
  therubyracer
  tire
  tire-contrib!
  transloadit
  turbo-sprockets-rails3 (~> 0.3.0)
  uglifier (>= 1.0.3)
  unicorn
  user_impersonate
  yard
