GIT
  remote: git://github.com/bcurren/freshbooks.rb.git
  revision: d6c5c65d5bc2b722a4e80679b5501a254300e352
  specs:
    freshbooks.rb (3.0.25)
      activesupport (>= 3.0.0)

GIT
  remote: git://github.com/cavneb/make_flaggable.git
  revision: d1bafce95567797786c1c3b03b7f5b34624e4e1e
  specs:
    make_flaggable (0.0.5)
      activerecord (>= 3.0.0)

GIT
  remote: git://github.com/collectiveidea/awesome_nested_set.git
  revision: 3d5ac746542b564f6586c2316180254b088bebb6
  branch: 2-1-stable
  specs:
    awesome_nested_set (2.1.7)
      activerecord (>= 3.0.0)

GIT
  remote: git://github.com/ctran/annotate_models.git
  revision: ed327d5a15226d0b5f78ab1d47649c0fdab66c8f
  specs:
    annotate (2.6.2)
      activerecord (>= 2.3.0)
      rake (>= 0.8.7)

GIT
  remote: git://github.com/jasherai/scoped_roles.git
  revision: c977e40fe39882f193e15c9198ee4736d1c3664c
  branch: master
  specs:
    scoped_roles (0.0.9)
      rails (~> 3.2.2)
      railties (~> 3.2.2)

GIT
  remote: git://github.com/jasherai/themes_for_rails.git
  revision: 6dbd80f96a5ca8725180285acc75fde2106d2270
  branch: master
  specs:
    themes_for_rails (0.5.1)
      rails (>= 3.0.0)

GIT
  remote: git://github.com/karmi/tire-contrib.git
  revision: b34a7cbebafed324b749f4a8c62297220dd2c6ff
  specs:
    tire-contrib (0.1.2)
      tire

GIT
  remote: git://github.com/peek/peek-query_reviewer.git
  revision: 2c046129ac99dd99063980104acef023ae20245b
  specs:
    peek-query_reviewer (0.0.1)
      peek (>= 0.1.1)
      query_reviewer

GIT
  remote: git://github.com/phatforge/peek-rblineprof.git
  revision: 1ac59d6fedd18c76f29945f621dd08355e89847b
  branch: persistence
  specs:
    peek-rblineprof (0.1.2)
      peek
      rblineprof

GIT
  remote: git://github.com/phatforge/peek.git
  revision: 55876eebb779e6b8779fc0b769413644f77f90ce
  specs:
    peek (0.1.6)
      atomic (>= 1.0.0)
      rails (>= 3.0.0)

GIT
  remote: git://github.com/ryanb/cancan.git
  revision: ccd24ab30fdd0b48ac0ad71080445f5366788208
  branch: 2.0
  specs:
    cancan (2.0.0.alpha)

GIT
  remote: https://github.com/thinlayer/exiv2.git
  revision: 26a371c8c01f1aa9704c19f866e1f1fc7f363c91
  branch: safer_time_object_creation
  specs:
    exiv2 (0.0.8)

GEM
  remote: https://rubygems.org/
  specs:
    actionmailer (3.2.14)
      actionpack (= 3.2.14)
      mail (~> 2.5.4)
    actionpack (3.2.14)
      activemodel (= 3.2.14)
      activesupport (= 3.2.14)
      builder (~> 3.0.0)
      erubis (~> 2.7.0)
      journey (~> 1.0.4)
      rack (~> 1.4.5)
      rack-cache (~> 1.2)
      rack-test (~> 0.6.1)
      sprockets (~> 2.2.1)
    active-profiling (0.1.0)
      rails (>= 3.0)
    activemodel (3.2.14)
      activesupport (= 3.2.14)
      builder (~> 3.0.0)
    activerecord (3.2.14)
      activemodel (= 3.2.14)
      activesupport (= 3.2.14)
      arel (~> 3.0.2)
      tzinfo (~> 0.3.29)
    activeresource (3.2.14)
      activemodel (= 3.2.14)
      activesupport (= 3.2.14)
    activesupport (3.2.14)
      i18n (~> 0.6, >= 0.6.4)
      multi_json (~> 1.0)
    acts-as-taggable-on (2.4.1)
      rails (>= 3, < 5)
    airbrake (4.0.0)
      builder
      multi_json
    ansi (1.4.3)
    arel (3.0.3)
    arrayfields (4.9.2)
    asset_sync (1.0.0)
      activemodel
      fog (>= 1.8.0)
    atomic (1.1.16)
    awesome_print (1.2.0)
    aws-sdk (1.4.1)
      httparty (~> 0.7)
      json (~> 1.4)
      nokogiri (>= 1.4.4)
      uuidtools (~> 2.1)
    aws-ses (0.4.4)
      builder
      mail (> 2.2.5)
      mime-types
      xml-simple
    bcrypt-ruby (3.0.1)
    better_errors (1.1.0)
      coderay (>= 1.0.0)
      erubis (>= 2.6.6)
    binding_of_caller (0.7.2)
      debug_inspector (>= 0.0.1)
    bond (0.5.1)
    brakeman (2.3.1)
      erubis (~> 2.6)
      fastercsv (~> 1.5)
      haml (>= 3.0, < 5.0)
      highline (~> 1.6.20)
      multi_json (~> 1.2)
      ruby2ruby (~> 2.0.5)
      ruby_parser (~> 3.2.2)
      sass (~> 3.0)
      slim (>= 1.3.6, < 3.0)
      terminal-table (~> 1.4)
    builder (3.0.4)
    bullet (4.11.3)
      activesupport (>= 3.0.0)
      uniform_notifier (>= 1.6.0)
    cache_digests (0.3.1)
      actionpack (>= 3.2)
      thread_safe
    cane (2.6.1)
      parallel
    capybara (2.1.0)
      mime-types (>= 1.16)
      nokogiri (>= 1.3.3)
      rack (>= 1.0.0)
      rack-test (>= 0.5.4)
      xpath (~> 2.0)
    celluloid (0.15.2)
      timers (~> 1.1.0)
    chronic (0.10.2)
    churn (0.0.35)
      chronic (>= 0.2.3)
      hirb
      json_pure
      main
      rest-client (>= 1.6.0)
      ruby_parser (~> 3.0)
      sexp_processor (~> 4.1)
    ci_reporter (1.9.2)
      builder (>= 2.1.2)
    climate_control (0.0.3)
      activesupport (>= 3.0)
    clockwork (0.7.5)
      activesupport
      tzinfo
    cocaine (0.5.1)
      climate_control (>= 0.0.3, < 1.0)
    code_analyzer (0.4.4)
      sexp_processor
    code_metrics (0.1.3)
    coderay (1.1.0)
    coffee-filter (0.1.1)
      coffee-script (>= 2.2.0)
      haml (>= 3.0.18)
    coffee-rails (3.2.2)
      coffee-script (>= 2.2.0)
      railties (~> 3.2.0)
    coffee-script (2.2.0)
      coffee-script-source
      execjs
    coffee-script-source (1.3.1)
    colored (1.2)
    columnize (0.8.9)
    connection_pool (2.0.0)
    countries (0.9.3)
      currencies (~> 0.4.2)
    country_select (1.3.1)
      countries (= 0.9.3)
    currencies (0.4.2)
    date_validator (0.6.3)
      activemodel (~> 3.0)
    debug_inspector (0.0.2)
    debugger (1.6.6)
      columnize (>= 0.3.1)
      debugger-linecache (~> 1.2.0)
      debugger-ruby_core_source (~> 1.3.2)
    debugger-linecache (1.2.0)
    debugger-ruby_core_source (1.3.2)
    devise (2.0.4)
      bcrypt-ruby (~> 3.0)
      orm_adapter (~> 0.0.3)
      railties (~> 3.1)
      warden (~> 1.1.1)
    devise_invitable (1.0.1)
      devise (>= 2.0.0)
      rails (~> 3.0)
    docile (1.1.3)
    dotenv (0.11.1)
      dotenv-deployment (~> 0.0.2)
    dotenv-deployment (0.0.2)
    dotenv-rails (0.11.1)
      dotenv (= 0.11.1)
    erubis (2.7.0)
    excon (0.33.0)
    execjs (1.3.0)
      multi_json (~> 1.0)
    faraday (0.8.8)
      multipart-post (~> 1.2.0)
    fastercsv (1.5.5)
    fattr (2.2.2)
    ffi (1.9.3)
    flay (2.4.0)
      ruby_parser (~> 3.0)
      sexp_processor (~> 4.0)
    flog (4.2.0)
      ruby_parser (~> 3.1, > 3.1.0)
      sexp_processor (~> 4.4)
    fog (1.22.0)
      fog-brightbox
      fog-core (~> 1.21, >= 1.21.1)
      fog-json
      nokogiri (~> 1.5, >= 1.5.11)
    fog-brightbox (0.0.2)
      fog-core
      fog-json
    fog-core (1.22.0)
      builder
      excon (~> 0.33)
      formatador (~> 0.2)
      mime-types
      net-scp (~> 1.1)
      net-ssh (>= 2.1.3)
    fog-json (1.0.0)
      multi_json (~> 1.0)
    foreman (0.74.0)
      dotenv (~> 0.11.1)
      thor (~> 0.19.1)
    formatador (0.2.5)
    guard (2.6.1)
      formatador (>= 0.2.4)
      listen (~> 2.7)
      lumberjack (~> 1.0)
      pry (>= 0.9.12)
      thor (>= 0.18.1)
    guard-annotate (1.1.0)
      annotate (>= 2.4.0)
      guard (>= 0.2.2)
    guard-brakeman (0.8.1)
      brakeman (>= 2.1.1)
      guard (>= 1.1.0)
    guard-bundler (2.0.0)
      bundler (~> 1.0)
      guard (~> 2.2)
    guard-migrate (1.0.0)
      guard (>= 1.3.0)
    guard-minitest (2.2.0)
      guard (~> 2.0)
      minitest (>= 3.0)
    haml (3.1.7)
    haml-rails (0.4)
      actionpack (>= 3.1, < 4.1)
      activesupport (>= 3.1, < 4.1)
      haml (>= 3.1, < 4.1)
      railties (>= 3.1, < 4.1)
    hashr (0.0.22)
    highline (1.6.20)
    hike (1.2.3)
    hirb (0.7.1)
    httparty (0.8.2)
      multi_json
      multi_xml
    i18n (0.6.9)
    ie_iframe_cookies (0.1.4)
    interception (0.5)
    jist (1.5.1)
      json
    journey (1.0.4)
    jquery-rails (2.0.2)
      railties (>= 3.2.0, < 5.0)
      thor (~> 0.14)
    jquery-ui-rails (0.2.2)
      jquery-rails
      railties (>= 3.1.0)
    json (1.8.1)
    json_pure (1.8.1)
    kaminari (0.13.0)
      actionpack (>= 3.0.0)
      activesupport (>= 3.0.0)
      railties (>= 3.0.0)
    kgio (2.9.2)
    libv8 (3.16.14.3)
    listen (2.7.9)
      celluloid (>= 0.15.2)
      rb-fsevent (>= 0.9.3)
      rb-inotify (>= 0.9)
    lograge (0.2.0)
      actionpack
      activesupport
    lumberjack (1.0.9)
    mail (2.5.4)
      mime-types (~> 1.16)
      treetop (~> 1.4.8)
    main (5.3.2)
      arrayfields (>= 4.7.4)
      chronic (>= 0.6.2)
      fattr (>= 2.2.0)
      map (>= 5.1.0)
      pry (>= 0.9)
    map (6.5.3)
    marginalia (1.1.5)
      actionpack (>= 2.3)
      activerecord (>= 2.3)
    meta_request (0.2.1)
      rack-contrib
      rails
    method_source (0.8.2)
    metric_fu (4.8.0)
      cane (~> 2.5, >= 2.5.2)
      churn (~> 0.0.35)
      code_metrics (~> 0.1)
      coderay
      flay (~> 2.1, >= 2.0.1)
      flog (~> 4.1, >= 4.1.1)
      metric_fu-Saikuro (~> 1.1, >= 1.1.3)
      multi_json
      rails_best_practices (~> 1.14, >= 1.14.3)
      redcard
      reek (~> 1.3, >= 1.3.4)
      roodi (~> 3.1)
    metric_fu-Saikuro (1.1.3)
    mime-types (1.25.1)
    mini_portile (0.6.0)
    minitest (4.7.5)
    minitest-capybara (0.5.0)
      capybara (~> 2.1.0)
      minitest (~> 4.0)
      rake
    minitest-metadata (0.4.0)
      minitest (~> 4.7)
    minitest-rails (0.9.2)
      minitest (~> 4.7)
      rails (>= 3.0)
    minitest-rails-capybara (0.10.0)
      capybara (~> 2.0)
      minitest-capybara (~> 0.4)
      minitest-metadata (~> 0.4)
      minitest-rails (~> 0.9.1)
    mixlib-cli (1.5.0)
    mock_redis (0.13.2)
    multi_json (1.7.9)
    multi_xml (0.4.4)
    multipart-post (1.2.0)
    mysql2 (0.3.11)
    net-scp (1.2.1)
      net-ssh (>= 2.6.5)
    net-ssh (2.9.1)
    newrelic_rpm (3.9.0.229)
    nokogiri (1.6.2.1)
      mini_portile (= 0.6.0)
    orm_adapter (0.0.7)
    paperclip (3.5.1)
      activemodel (>= 3.0.0)
      activesupport (>= 3.0.0)
      cocaine (~> 0.5.0)
      mime-types
    parallel (0.9.2)
    peek-active_record (0.5.0)
      activerecord (~> 3.2.0)
      atomic (>= 1.0.0)
      peek (>= 0.1.0)
    peek-elasticsearch (0.2.1)
      stretch (~> 0.1.3)
    peek-env_vars (1.0.0)
      peek
    peek-gc (0.0.1)
      peek
    peek-git (1.0.2)
      peek
    peek-mysql2 (1.1.0)
      atomic (>= 1.0.0)
      mysql2
      peek
    peek-performance_bar (1.1.3)
      peek (>= 0.1.0)
    peek-redis (1.1.0)
      atomic (>= 1.0.0)
      peek
      redis
    peek-sidekiq (1.0.3)
      atomic (>= 1.0.0)
      peek
      sidekiq
    pilfer (1.0.2)
      rblineprof (~> 0.3.2)
    pinglish (0.2.0)
      rack
    polyglot (0.3.3)
    posix-spawn (0.3.6)
    pry (0.9.12.6)
      coderay (~> 1.0)
      method_source (~> 0.8)
      slop (~> 3.4)
    pry-debugger (0.2.2)
      debugger (~> 1.3)
      pry (~> 0.9.10)
    pry-doc (0.6.0)
      pry (~> 0.9)
      yard (~> 0.8)
    pry-docmore (0.1.1)
      pry
      pry-doc
    pry-plus (1.0.0)
      bond
      jist
      pry-debugger
      pry-doc
      pry-docmore
      pry-rescue
      pry-stack_explorer
    pry-rails (0.3.2)
      pry (>= 0.9.10)
    pry-rescue (1.4.1)
      interception (>= 0.5)
      pry
    pry-stack_explorer (0.4.9.1)
      binding_of_caller (>= 0.7)
      pry (>= 0.9.11)
    pygments.rb (0.5.2)
      posix-spawn (~> 0.3.6)
      yajl-ruby (~> 1.1.0)
    query_reviewer (0.1.8)
    rack (1.4.5)
    rack-cache (1.2)
      rack (>= 0.4)
    rack-contrib (1.1.0)
      rack (>= 0.9.1)
    rack-mini-profiler (0.1.28)
      rack (>= 1.1.3)
    rack-protection (1.5.3)
      rack
    rack-ssl (1.3.3)
      rack
    rack-test (0.6.2)
      rack (>= 1.0)
    railroady (1.1.1)
    rails (3.2.14)
      actionmailer (= 3.2.14)
      actionpack (= 3.2.14)
      activerecord (= 3.2.14)
      activeresource (= 3.2.14)
      activesupport (= 3.2.14)
      bundler (~> 1.0)
      railties (= 3.2.14)
    rails3-jquery-autocomplete (1.0.7)
      rails (~> 3.0)
    rails_best_practices (1.15.2)
      activesupport
      awesome_print
      code_analyzer (>= 0.4.3)
      colored
      erubis
      i18n
      require_all
      ruby-progressbar
    rails_config (0.3.0)
      activesupport (>= 3.0)
    railties (3.2.14)
      actionpack (= 3.2.14)
      activesupport (= 3.2.14)
      rack-ssl (~> 1.3.2)
      rake (>= 0.8.7)
      rdoc (~> 3.4)
      thor (>= 0.14.6, < 2.0)
    raindrops (0.13.0)
    rake (10.1.1)
    rb-fsevent (0.9.4)
    rb-inotify (0.9.5)
      ffi (>= 0.5.0)
    rblineprof (0.3.6)
      debugger-ruby_core_source (~> 1.3)
    rdoc (3.12.2)
      json (~> 1.4)
    recaptcha (0.3.5)
    redcard (1.1.0)
    redcarpet (3.1.1)
    redis (3.0.7)
    redis-actionpack (3.2.3)
      actionpack (~> 3.2.3)
      redis-rack (~> 1.4.0)
      redis-store (~> 1.1.0)
    redis-activesupport (3.2.3)
      activesupport (~> 3.2.3)
      redis-store (~> 1.1.0)
    redis-namespace (1.4.1)
      redis (~> 3.0.4)
    redis-rack (1.4.2)
      rack (~> 1.4.1)
      redis-store (~> 1.1.0)
    redis-rails (3.2.3)
      redis-actionpack (~> 3.2.3)
      redis-activesupport (~> 3.2.3)
      redis-store (~> 1.1.0)
    redis-store (1.1.3)
      redis (>= 2.2.0)
    reek (1.3.6)
      ruby2ruby (~> 2.0.7)
      ruby_parser (~> 3.2)
      sexp_processor
    ref (1.0.5)
    request-log-analyzer (1.12.10)
    require_all (1.3.2)
    rest-client (1.6.7)
      mime-types (>= 1.16)
    roodi (3.3.1)
      ruby_parser (~> 3.2, >= 3.2.2)
    rr (1.1.2)
    ruby-prof (0.14.2)
    ruby-progressbar (1.4.2)
    ruby2ruby (2.0.7)
      ruby_parser (~> 3.1)
      sexp_processor (~> 4.0)
    ruby_parser (3.2.2)
      sexp_processor (~> 4.1)
    sandi_meter (1.1.6)
      json
      mixlib-cli
    sass (3.2.5)
    sass-rails (3.2.5)
      railties (~> 3.2.0)
      sass (>= 3.1.10)
      tilt (~> 1.3)
    sexp_processor (4.4.2)
    sidekiq (3.1.4)
      celluloid (>= 0.15.2)
      connection_pool (>= 2.0.0)
      json
      redis (>= 3.0.6)
      redis-namespace (>= 1.3.1)
    sidekiq-unique-jobs (3.0.2)
      mock_redis
      sidekiq (>= 2.6)
    simplecov (0.8.2)
      docile (~> 1.1.0)
      multi_json
      simplecov-html (~> 0.8.0)
    simplecov-html (0.8.0)
    simplecov-json (0.2)
      json
      simplecov
    simplecov-rcov (0.2.3)
      simplecov (>= 0.4.1)
    simplecov-rcov-text (0.0.2)
    sinatra (1.4.5)
      rack (~> 1.4)
      rack-protection (~> 1.4)
      tilt (~> 1.3, >= 1.3.4)
    skylight (0.3.17)
      activesupport (>= 3.0.0)
    slim (2.0.2)
      temple (~> 0.6.6)
      tilt (>= 1.3.3, < 2.1)
    slop (3.5.0)
    sprockets (2.2.2)
      hike (~> 1.2)
      multi_json (~> 1.0)
      rack (~> 1.0)
      tilt (~> 1.1, != 1.3.0)
    state_machine (1.1.2)
    stretch (0.1.3)
      faraday (~> 0.8.0)
      multi_json (~> 1.7.2)
    temple (0.6.7)
    terminal-notifier (1.5.1)
    terminal-notifier-guard (1.5.3)
    terminal-table (1.4.5)
    the_sortable_tree (1.8.5)
      rails (>= 3.1)
    therubyracer (0.12.0)
      libv8 (~> 3.16.14.0)
      ref
    thor (0.19.1)
    thread_safe (0.2.0)
      atomic (>= 1.1.7, < 2)
    tilt (1.4.1)
    timers (1.1.0)
    tire (0.6.0)
      activemodel (>= 3.0)
      activesupport
      ansi
      hashr (~> 0.0.19)
      multi_json (~> 1.3)
      rake
      rest-client (~> 1.6)
    transloadit (1.0.2)
      json
      rest-client
    treetop (1.4.14)
      polyglot
      polyglot (>= 0.3.1)
    turbo-sprockets-rails3 (0.3.6)
      railties (> 3.2.8, < 4.0.0)
      sprockets (>= 2.0.0)
    tzinfo (0.3.39)
    uglifier (1.2.4)
      execjs (>= 0.3.0)
      multi_json (>= 1.0.2)
    unicorn (4.8.3)
      kgio (~> 2.6)
      rack
      raindrops (~> 0.7)
    uniform_notifier (1.6.2)
    user_impersonate (0.8.0)
      rails (~> 3.2.0)
    uuidtools (2.1.2)
    warden (1.1.1)
      rack (>= 1.0)
    xml-simple (1.1.2)
    xpath (2.0.0)
      nokogiri (~> 1.3)
    yajl-ruby (1.1.0)
    yard (0.8.7.4)

PLATFORMS
  ruby

DEPENDENCIES
  active-profiling
  acts-as-taggable-on
  airbrake
  annotate!
  asset_sync
  awesome_nested_set!
  aws-sdk
  aws-ses (~> 0.4.4)
  better_errors
  binding_of_caller
  bullet
  cache_digests
  cancan!
  chronic
  ci_reporter
  clockwork
  coffee-filter
  coffee-rails (~> 3.2.1)
  country_select
  date_validator
  devise
  devise_invitable
  dotenv
  dotenv-rails
  exiv2!
  foreman
  freshbooks.rb!
  guard
  guard-annotate
  guard-brakeman
  guard-bundler
  guard-migrate
  guard-minitest
  haml
  haml-rails
  ie_iframe_cookies
  jquery-rails
  jquery-ui-rails
  kaminari
  lograge
  make_flaggable!
  marginalia
  meta_request
  metric_fu
  minitest-rails
  minitest-rails-capybara
  mysql2
  newrelic_rpm
  paperclip
  peek!
  peek-active_record
  peek-elasticsearch
  peek-env_vars
  peek-gc
  peek-git
  peek-mysql2
  peek-performance_bar
  peek-query_reviewer!
  peek-rblineprof!
  peek-redis
  peek-sidekiq
  pilfer
  pinglish
  pry-plus
  pry-rails
  pygments.rb
  rack-mini-profiler
  railroady
  rails (~> 3.2.12)
  rails3-jquery-autocomplete
  rails_config
  recaptcha
  redcarpet
  redis-rails
  redis-store
  request-log-analyzer
  rr
  ruby-prof
  sandi_meter
  sass-rails (~> 3.2.3)
  scoped_roles!
  sidekiq
  sidekiq-unique-jobs
  simplecov
  simplecov-html
  simplecov-json
  simplecov-rcov
  simplecov-rcov-text
  sinatra
  skylight
  slim
  state_machine
  terminal-notifier
  terminal-notifier-guard
  the_sortable_tree (>= 1.8.5)
  themes_for_rails!
  therubyracer
  tire
  tire-contrib!
  transloadit
  turbo-sprockets-rails3 (~> 0.3.0)
  uglifier (>= 1.0.3)
  unicorn
  user_impersonate
  yard
